GEM
  remote: https://rubygems.org/
  specs:
    cinch (2.0.9)

PLATFORMS
  ruby

DEPENDENCIES
  cinch
