GEM
  remote: https://rubygems.org/
  specs:
    cinch (2.0.9)
    metaclass (0.0.1)
    minitest (5.0.6)
    mocha (0.14.0)
      metaclass (~> 0.0.1)
    multi_json (1.7.9)
    rake (10.1.0)
    redis (3.0.4)
    simplecov (0.7.1)
      multi_json (~> 1.0)
      simplecov-html (~> 0.7.1)
    simplecov-html (0.7.1)

PLATFORMS
  ruby

DEPENDENCIES
  cinch
  minitest
  mocha
  rake
  redis
  simplecov
